PATH
  remote: .
  specs:
    oauth2-server (0.0.1)
      json
      pg
      sequel
      sinatra
      uuidtools

GEM
  remote: https://rubygems.org/
  specs:
    addressable (2.2.7)
    crack (0.3.1)
    daemons (1.1.8)
    eventmachine (0.12.10)
    faraday (0.7.6)
      addressable (~> 2.2)
      multipart-post (~> 1.1)
      rack (~> 1.1)
    json (1.6.5)
    mime-types (1.17.2)
    multi_json (1.1.0)
    multipart-post (1.1.5)
    oauth2 (0.5.2)
      faraday (~> 0.7)
      multi_json (~> 1.0)
    pg (0.13.2)
    rack (1.4.1)
    rack-protection (1.2.0)
      rack
    rack-test (0.6.1)
      rack (>= 1.0)
    rake (0.9.2.2)
    rest-client (1.6.7)
      mime-types (>= 1.16)
    rr (1.0.4)
    sequel (3.32.0)
    sinatra (1.3.2)
      rack (~> 1.3, >= 1.3.6)
      rack-protection (~> 1.2)
      tilt (~> 1.3, >= 1.3.3)
    thin (1.3.1)
      daemons (>= 1.0.9)
      eventmachine (>= 0.12.6)
      rack (>= 1.0.0)
    tilt (1.3.3)
    uuidtools (2.1.2)
    webmock (1.8.0)
      addressable (>= 2.2.7)
      crack (>= 0.1.7)

PLATFORMS
  ruby

DEPENDENCIES
  oauth2
  oauth2-server!
  rack-test
  rake
  rest-client
  rr
  thin
  webmock
